GEM
  remote: https://rubygems.org/
  specs:
    httparty (0.15.6)
      multi_xml (>= 0.5.2)
    multi_xml (0.6.0)
    puma (3.10.0)
    rack (2.0.3)
    rack-cors (1.0.1)
    rake (12.2.1)
    roda (2.29.0)
      rack

PLATFORMS
  ruby

DEPENDENCIES
  httparty
  puma
  rack-cors
  rake
  roda

BUNDLED WITH
   1.10.0
